GEM
  remote: https://rubygems.org/
  specs:
    byebug (11.1.3)
    coderay (1.1.3)
    method_source (1.0.0)
    multi_json (1.15.0)
    pry (0.14.2)
      coderay (~> 1.1)
      method_source (~> 1.0)
    pry-byebug (3.10.1)
      byebug (~> 11.0)
      pry (>= 0.13, < 0.15)
    rtesseract (3.1.2)
    streamio-ffmpeg (3.0.2)
      multi_json (~> 1.8)

PLATFORMS
  x86_64-linux

DEPENDENCIES
  pry-byebug
  rtesseract
  streamio-ffmpeg

RUBY VERSION
   ruby 3.2.0p0

BUNDLED WITH
   2.4.1
